GEM
  remote: https://rubygems.org/
  specs:
    arr-pm (0.0.10)
      cabin (> 0)
    aws-sdk (1.66.0)
      aws-sdk-v1 (= 1.66.0)
    aws-sdk-v1 (1.66.0)
      json (~> 1.4)
      nokogiri (>= 1.4.4)
    backports (3.6.8)
    blankslate (2.1.2.4)
    cabin (0.8.1)
    celluloid (0.16.0)
      timers (~> 4.0.0)
    childprocess (0.5.9)
      ffi (~> 1.0, >= 1.0.11)
    clamp (0.6.5)
    classifier-reborn (2.0.1)
      fast-stemmer (~> 1.0)
    coffee-script (2.3.0)
      coffee-script-source
      execjs
    coffee-script-source (1.8.0)
    colorator (0.1)
    deb-s3 (0.7.1)
      aws-sdk (~> 1.18)
      thor (~> 0.18.0)
    execjs (2.2.2)
    fast-stemmer (1.0.2)
    ffi (1.9.6)
    fpm (1.4.0)
      arr-pm (~> 0.0.10)
      backports (>= 2.6.2)
      cabin (>= 0.6.0)
      childprocess
      clamp (~> 0.6)
      ffi
      json (>= 1.7.7)
    hitimes (1.2.2)
    jekyll (2.4.0)
      classifier-reborn (~> 2.0)
      colorator (~> 0.1)
      jekyll-coffeescript (~> 1.0)
      jekyll-gist (~> 1.0)
      jekyll-paginate (~> 1.0)
      jekyll-sass-converter (~> 1.0)
      jekyll-watch (~> 1.1)
      kramdown (~> 1.3)
      liquid (~> 2.6.1)
      mercenary (~> 0.3.3)
      pygments.rb (~> 0.6.0)
      redcarpet (~> 3.1)
      safe_yaml (~> 1.0)
      toml (~> 0.1.0)
    jekyll-coffeescript (1.0.1)
      coffee-script (~> 2.2)
    jekyll-gist (1.1.0)
    jekyll-paginate (1.1.0)
    jekyll-sass-converter (1.2.1)
      sass (~> 3.2)
    jekyll-sitemap (0.8.1)
    jekyll-watch (1.1.1)
      listen (~> 2.7)
    json (1.8.3)
    kramdown (1.5.0)
    liquid (2.6.1)
    listen (2.7.11)
      celluloid (>= 0.15.2)
      rb-fsevent (>= 0.9.3)
      rb-inotify (>= 0.9)
    mercenary (0.3.4)
    mini_portile2 (2.0.0)
    nokogiri (1.6.7.2)
      mini_portile2 (~> 2.0.0.rc2)
    parslet (1.5.0)
      blankslate (~> 2.0)
    posix-spawn (0.3.9)
    psych (2.0.5)
    pygments.rb (0.6.0)
      posix-spawn (~> 0.3.6)
      yajl-ruby (~> 1.1.0)
    rake (11.1.0)
    rb-fsevent (0.9.4)
    rb-inotify (0.9.5)
      ffi (>= 0.5.0)
    rdiscount (2.1.7.1)
    redcarpet (3.2.0)
    safe_yaml (1.0.4)
    sass (3.4.6)
    stringex (2.5.2)
    stylus (1.0.1)
      execjs
      stylus-source
    stylus-source (0.49.3)
    thor (0.18.1)
    timers (4.0.1)
      hitimes
    toml (0.1.2)
      parslet (~> 1.5.0)
    yajl-ruby (1.1.0)

PLATFORMS
  ruby

DEPENDENCIES
  deb-s3
  fpm
  jekyll (= 2.4.0)
  jekyll-sitemap (~> 0.8.1)
  psych (~> 2.0.5)
  rake
  rdiscount (~> 2.1.7.1)
  stringex (~> 2.5.2)
  stylus (~> 1.0.1)

BUNDLED WITH
   1.10.6
